GEM
  remote: https://rubygems.org/
  specs:
    rake (12.3.1)
    rouge (2.0.7)
    xcjobs (0.10.0)
    xcpretty (0.3.0)
      rouge (~> 2.0.7)

PLATFORMS
  ruby

DEPENDENCIES
  rake
  xcjobs
  xcpretty

BUNDLED WITH
   1.16.3
