GEM
  remote: https://rubygems.org/
  specs:
    rake (10.4.2)
    xcjobs (0.0.4)
    xcpretty (0.1.7)

PLATFORMS
  ruby

DEPENDENCIES
  rake
  xcjobs
  xcpretty
