GEM
  remote: https://rubygems.org/
  specs:
    rake (11.2.2)
    rouge (1.11.1)
    xcjobs (0.4.2)
    xcpretty (0.2.2)
      rouge (~> 1.8)

PLATFORMS
  ruby

DEPENDENCIES
  rake
  xcjobs
  xcpretty

BUNDLED WITH
   1.12.5
