GEM
  remote: https://rubygems.org/
  specs:
    rake (10.4.2)
    xcjobs (0.1.0)
    xcpretty (0.1.8)

PLATFORMS
  ruby

DEPENDENCIES
  rake
  xcjobs
  xcpretty
